GEM
  remote: https://rubygems.org/
  specs:
    ast (2.3.0)
    autorake (2.7)
      rake (~> 11)
    coderay (1.1.1)
    dbf (3.1.0)
    method_source (0.8.2)
    parser (2.4.0.0)
      ast (~> 2.2)
    pg (0.20.0)
    pgsql (1.3)
      autorake (>= 2.0)
    powerpack (0.1.1)
    pry (0.10.4)
      coderay (~> 1.1.0)
      method_source (~> 0.8.1)
      slop (~> 3.4)
    rack (2.0.1)
    rainbow (2.2.1)
    rake (11.3.0)
    roda (2.24.0)
      rack
    rubocop (0.48.0)
      parser (>= 2.3.3.1, < 3.0)
      powerpack (~> 0.1)
      rainbow (>= 1.99.1, < 3.0)
      ruby-progressbar (~> 1.7)
      unicode-display_width (~> 1.0, >= 1.0.1)
    ruby-progressbar (1.8.1)
    sequel (4.44.0)
    slop (3.6.0)
    sqlite3 (1.3.13)
    unicode-display_width (1.1.3)

PLATFORMS
  ruby

DEPENDENCIES
  dbf
  pg
  pgsql
  pry
  roda
  rubocop
  sequel
  sqlite3

BUNDLED WITH
   1.14.6
